GEM
  remote: https://rubygems.org/
  specs:
    leveldb-ruby (0.15)
    sqlite3 (1.4.2)

PLATFORMS
  ruby

DEPENDENCIES
  leveldb-ruby
  sqlite3

BUNDLED WITH
   2.1.4
